GEM
  remote: https://rubygems.org/
  specs:
    cinch (2.2.5)
    dbd-pg (0.3.9)
      dbi (>= 0.4.0)
      pg
    dbi (0.4.5)
      deprecated (= 2.0.1)
    deprecated (2.0.1)
    json (1.8.2)
    pg (0.18.2)
    wisper (1.6.0)

PLATFORMS
  ruby

DEPENDENCIES
  cinch
  dbd-pg
  dbi
  json
  wisper

BUNDLED WITH
   1.10.5
