GEM
  remote: https://rubygems.org/
  specs:
    cinch (2.2.5)
    dbd-pg (0.3.9)
      dbi (>= 0.4.0)
      pg
    dbi (0.4.5)
      deprecated (= 2.0.1)
    deprecated (2.0.1)
    pg (0.18.2)

PLATFORMS
  ruby

DEPENDENCIES
  cinch
  dbd-pg
  dbi

BUNDLED WITH
   1.10.5
